GEM
  remote: http://rubygems.org/
  specs:
    actionmailer (2.3.11)
      actionpack (= 2.3.11)
    actionpack (2.3.11)
      activesupport (= 2.3.11)
      rack (~> 1.1.0)
    activerecord (2.3.11)
      activesupport (= 2.3.11)
    activeresource (2.3.11)
      activesupport (= 2.3.11)
    activesupport (2.3.11)
    builder (3.0.0)
    clickatell (0.8.2)
    daemons (1.0.10)
    delayed_job (2.0.7)
      activesupport (~> 2.0)
      daemons (= 1.0.10)
    hashie (1.1.0)
    json (1.5.3)
    json_pure (1.4.6)
    jwt (0.1.3)
      json (>= 1.2.4)
    mime-types (1.16)
    mysql (2.8.1)
    rack (1.1.2)
    rails (2.3.11)
      actionmailer (= 2.3.11)
      actionpack (= 2.3.11)
      activerecord (= 2.3.11)
      activeresource (= 2.3.11)
      activesupport (= 2.3.11)
      rake (>= 0.8.3)
    rake (0.9.2)
    rest-client (1.6.7)
      mime-types (>= 1.16)
    sqlite3 (1.3.3)
    sqlite3-ruby (1.3.3)
      sqlite3 (>= 1.3.3)
    tropo-webapi-ruby (0.1.11)
      hashie (>= 0.2.0)
      json_pure (>= 1.2.0)
    twilio-ruby (3.2.0)
      builder (>= 2.1.2)
      json (>= 1.2.0)
      jwt (>= 0.1.2)
    will_paginate (2.3.16)

PLATFORMS
  ruby

DEPENDENCIES
  clickatell
  delayed_job (~> 2.0.4)
  mysql
  rails (~> 2.3.11)
  rest-client
  sqlite3-ruby
  tropo-webapi-ruby
  twilio-ruby
  will_paginate (~> 2.3.16)
